GEM
  remote: https://rubygems.org/
  specs:
    activemodel (3.2.22)
      activesupport (= 3.2.22)
      builder (~> 3.0.0)
    activesupport (3.2.22)
      i18n (~> 0.6, >= 0.6.4)
      multi_json (~> 1.0)
    builder (3.0.4)
    cucumber (1.3.20)
      builder (>= 2.1.2)
      diff-lcs (>= 1.1.3)
      gherkin (~> 2.12)
      multi_json (>= 1.7.5, < 2.0)
      multi_test (>= 0.1.2)
    cucumber-mailcatcher (0.12)
      cucumber (~> 1.3, >= 1.3.10)
      rspec-expectations (~> 3.3, >= 3.3.1)
    cucumber-rest-api (0.3)
      cucumber (>= 1.2.1)
      jsonpath (>= 0.1.2)
      nokogiri (>= 1.6.0)
      rspec (>= 2.12.0)
    daemons (1.2.3)
    diff-lcs (1.2.5)
    docker-api (1.22.2)
      excon (>= 0.38.0)
      json
    excon (0.45.4)
    factory_girl (4.3.0)
      activesupport (>= 3.0.0)
    gherkin (2.12.2)
      multi_json (~> 1.3)
    i18n (0.7.0)
    json (1.8.3)
    jsonpath (0.5.7)
      multi_json
    mimic (0.4.3)
      json
      plist
      rack
      sinatra
    mini_portile (0.6.2)
    mongoid (3.1.7)
      activemodel (~> 3.2)
      moped (~> 1.4)
      origin (~> 1.0)
      tzinfo (~> 0.3.29)
    moped (1.5.3)
    multi_json (1.11.2)
    multi_test (0.1.2)
    nokogiri (1.6.6.2)
      mini_portile (~> 0.6.0)
    origin (1.1.0)
    pickle (0.4.11)
      cucumber (>= 0.8)
      rake
    pickle-mongodb (0.3)
      cucumber (>= 1.2.1)
      factory_girl (~> 4.3.0)
      mongoid (~> 3.1.6)
      pickle (~> 0.4.11)
      rspec (>= 2.12.0)
    plist (3.1.0)
    rack (1.6.4)
    rack-protection (1.5.3)
      rack
    rake (10.4.2)
    rspec (3.3.0)
      rspec-core (~> 3.3.0)
      rspec-expectations (~> 3.3.0)
      rspec-mocks (~> 3.3.0)
    rspec-core (3.3.2)
      rspec-support (~> 3.3.0)
    rspec-expectations (3.3.1)
      diff-lcs (>= 1.2.0, < 2.0)
      rspec-support (~> 3.3.0)
    rspec-mocks (3.3.2)
      diff-lcs (>= 1.2.0, < 2.0)
      rspec-support (~> 3.3.0)
    rspec-support (3.3.0)
    sinatra (1.4.6)
      rack (~> 1.4)
      rack-protection (~> 1.4)
      tilt (>= 1.3, < 3)
    tilt (2.0.1)
    tzinfo (0.3.44)

PLATFORMS
  ruby

DEPENDENCIES
  cucumber (~> 1.3.10)
  cucumber-mailcatcher (~> 0.12)
  cucumber-rest-api
  daemons (~> 1.2.3)
  docker-api
  mimic (~> 0.4.3)
  pickle-mongodb (~> 0.1)
